GEM
  remote: https://rubygems.org/
  specs:
    haml (3.1.7)
    mime-types (1.19)
    mini_magick (3.4)
      subexec (~> 0.2.1)
    rack (1.4.1)
    rack-protection (1.2.0)
      rack
    require_relative (1.0.3)
    sinatra (1.3.3)
      rack (~> 1.3, >= 1.3.6)
      rack-protection (~> 1.2)
      tilt (~> 1.3, >= 1.3.3)
    subexec (0.2.2)
    tilt (1.3.3)

PLATFORMS
  ruby
  x86-mingw32

DEPENDENCIES
  haml
  mime-types
  mini_magick (~> 3.4)
  require_relative
  sinatra
